GEM
  remote: https://rubygems.org/
  specs:
    cinch (2.3.4)
    ethon (0.11.0)
      ffi (>= 1.3.0)
    ffi (1.9.25)
    oj (3.6.5)
    typhoeus (1.3.0)
      ethon (>= 0.9.0)

PLATFORMS
  ruby

DEPENDENCIES
  cinch
  oj
  typhoeus

BUNDLED WITH
   1.16.3
